PATH
  remote: .
  specs:
    phil (0.0.1)
      ffaker

GEM
  remote: https://rubygems.org/
  specs:
    activesupport (3.0.0)
    diff-lcs (1.2.5)
    ffaker (1.20.0)
    rake (10.1.0)
    rspec (2.14.1)
      rspec-core (~> 2.14.0)
      rspec-expectations (~> 2.14.0)
      rspec-mocks (~> 2.14.0)
    rspec-core (2.14.7)
    rspec-expectations (2.14.4)
      diff-lcs (>= 1.1.3, < 2.0)
    rspec-mocks (2.14.4)

PLATFORMS
  ruby

DEPENDENCIES
  activesupport
  phil!
  rake
  rspec
